GEM
  remote: https://rubygems.org/
  specs:
    facebook-messenger (0.11.1)
      httparty (~> 0.13, >= 0.13.7)
      rack (>= 1.6.4)
    faraday (0.11.0)
      multipart-post (>= 1.2, < 3)
    forecast_io (2.0.1)
      faraday
      hashie
      multi_json
    hashie (3.5.3)
    httparty (0.14.0)
      multi_xml (>= 0.5.2)
    multi_json (1.12.1)
    multi_xml (0.6.0)
    multipart-post (2.0.0)
    rack (1.6.5)
    rack-protection (1.5.3)
      rack
    sinatra (1.4.8)
      rack (~> 1.5)
      rack-protection (~> 1.4)
      tilt (>= 1.3, < 3)
    tilt (2.0.6)

PLATFORMS
  ruby

DEPENDENCIES
  facebook-messenger
  forecast_io
  httparty
  sinatra

BUNDLED WITH
   1.13.7
